GEM
  remote: http://rubygems.org/
  specs:
    activesupport (3.2.1)
      i18n (~> 0.6)
      multi_json (~> 1.0)
    fileutils (0.7)
      rmagick (>= 2.13.1)
    i18n (0.6.0)
    multi_json (1.0.4)
    mustache (0.99.4)
    rake (0.9.2.2)
    rdiscount (1.6.8)
    rmagick (2.13.1)

PLATFORMS
  ruby

DEPENDENCIES
  activesupport
  bundler
  fileutils
  i18n
  mustache
  rake
  rdiscount
